PATH
  remote: .
  specs:
    tucana (0.0.0)
      grpc (~> 1.64)

GEM
  remote: https://rubygems.org/
  specs:
    bigdecimal (3.1.8)
    diff-lcs (1.5.1)
    google-protobuf (4.27.2-x86_64-linux)
      bigdecimal
      rake (>= 13)
    googleapis-common-protos-types (1.15.0)
      google-protobuf (>= 3.18, < 5.a)
    grpc (1.65.1-x86_64-linux)
      google-protobuf (>= 3.25, < 5.0)
      googleapis-common-protos-types (~> 1.0)
    grpc-tools (1.65.1)
    rake (13.2.1)
    rspec (3.13.0)
      rspec-core (~> 3.13.0)
      rspec-expectations (~> 3.13.0)
      rspec-mocks (~> 3.13.0)
    rspec-core (3.13.0)
      rspec-support (~> 3.13.0)
    rspec-expectations (3.13.0)
      diff-lcs (>= 1.2.0, < 2.0)
      rspec-support (~> 3.13.0)
    rspec-mocks (3.13.0)
      diff-lcs (>= 1.2.0, < 2.0)
      rspec-support (~> 3.13.0)
    rspec-support (3.13.1)

PLATFORMS
  x86_64-linux

DEPENDENCIES
  grpc-tools (~> 1.65)
  rake (~> 13.0)
  rspec (~> 3.0)
  tucana!

BUNDLED WITH
   2.4.12
